GEM
  remote: https://rubygems.org/
  specs:
    diff-lcs (1.3)
    docile (1.1.5)
    eventmachine (1.0.9)
    ffi (1.9.18)
    json (2.0.3)
    metaclass (0.0.4)
    mocha (1.2.1)
      metaclass (~> 0.0.1)
    pi_piper (2.0.0)
      eventmachine (= 1.0.9)
      ffi
    rmagick (2.16.0)
    rspec (3.5.0)
      rspec-core (~> 3.5.0)
      rspec-expectations (~> 3.5.0)
      rspec-mocks (~> 3.5.0)
    rspec-core (3.5.4)
      rspec-support (~> 3.5.0)
    rspec-expectations (3.5.0)
      diff-lcs (>= 1.2.0, < 2.0)
      rspec-support (~> 3.5.0)
    rspec-mocks (3.5.0)
      diff-lcs (>= 1.2.0, < 2.0)
      rspec-support (~> 3.5.0)
    rspec-support (3.5.0)
    simplecov (0.13.0)
      docile (~> 1.1.0)
      json (>= 1.8, < 3)
      simplecov-html (~> 0.10.0)
    simplecov-html (0.10.0)

PLATFORMS
  ruby

DEPENDENCIES
  eventmachine (= 1.0.9)
  ffi (~> 1.9, >= 1.9.18)
  mocha (~> 1.2, >= 1.2.1)
  pi_piper (~> 2.0)
  rmagick
  rspec (~> 3.5)
  simplecov (~> 0.13.0)
